GEM
  remote: https://rubygems.org/
  specs:
    bson (4.6.0)
    mongo (2.10.2)
      bson (>= 4.4.2, < 5.0.0)
    zlib (1.0.0)

PLATFORMS
  ruby

DEPENDENCIES
  mongo
  zlib

BUNDLED WITH
   2.0.2
