GEM
  remote: https://rubygems.org/
  specs:
    bson (4.6.0)
    builder (3.2.3)
    concurrent-ruby (1.1.5)
    connection_pool (2.2.2)
    ebnf (1.1.3)
      rdf (~> 3.0)
      sxp (~> 1.0)
    hamster (3.0.0)
      concurrent-ruby (~> 1.0)
    link_header (0.0.8)
    mongo (2.10.2)
      bson (>= 4.4.2, < 5.0.0)
    net-http-persistent (3.1.0)
      connection_pool (~> 2.2)
    rdf (3.0.13)
      hamster (~> 3.0)
      link_header (~> 0.0, >= 0.0.8)
    rdf-aggregate-repo (2.2.1)
      rdf (>= 2.2, < 4.0)
    rdf-xsd (3.0.1)
      rdf (~> 3.0)
    sparql (3.0.2)
      builder (~> 3.2)
      ebnf (~> 1.1)
      rdf (~> 3.0)
      rdf-aggregate-repo (>= 2.2, < 4.0)
      rdf-xsd (~> 3.0)
      sparql-client (~> 3.0)
      sxp (~> 1.0)
    sparql-client (3.0.1)
      net-http-persistent (>= 2.9, < 4)
      rdf (~> 3.0)
    sxp (1.0.2)
      rdf (~> 3.0)
    zlib (1.0.0)

PLATFORMS
  ruby

DEPENDENCIES
  mongo
  sparql
  zlib

BUNDLED WITH
   2.0.2
